PATH
  remote: .
  specs:
    json_object (0.0.1)
      activesupport
      i18n
      json

GEM
  remote: http://rubygems.org/
  specs:
    activesupport (3.0.10)
    diff-lcs (1.1.3)
    i18n (0.6.0)
    json (1.5.3)
    rspec (2.6.0)
      rspec-core (~> 2.6.0)
      rspec-expectations (~> 2.6.0)
      rspec-mocks (~> 2.6.0)
    rspec-core (2.6.4)
    rspec-expectations (2.6.0)
      diff-lcs (~> 1.1.2)
    rspec-mocks (2.6.0)

PLATFORMS
  ruby

DEPENDENCIES
  json_object!
  rspec
